GEM
  remote: https://rubygems.org/
  specs:
    rack (3.2.1)
    rackup (2.2.1)
      rack (>= 3)
    webrick (1.9.1)

PLATFORMS
  ruby
  x86_64-linux

DEPENDENCIES
  rackup (~> 2.2)
  webrick (~> 1.9)

BUNDLED WITH
   2.6.9
